PATH
  remote: .
  specs:
    wikipedia-client (1.9.0)

GEM
  remote: https://rubygems.org/
  specs:
    addressable (2.3.5)
    ast (2.3.0)
    builder (3.2.2)
    diff-lcs (1.3)
    faraday (0.8.8)
      multipart-post (~> 1.2.0)
    git (1.2.6)
    github_api (0.10.1)
      addressable
      faraday (~> 0.8.1)
      hashie (>= 1.2)
      multi_json (~> 1.4)
      nokogiri (~> 1.5.2)
      oauth2
    hashie (2.0.5)
    highline (1.6.19)
    httpauth (0.2.0)
    jeweler (1.8.8)
      builder
      bundler (~> 1.0)
      git (>= 1.2.5)
      github_api (= 0.10.1)
      highline (>= 1.6.15)
      nokogiri (= 1.5.10)
      rake
      rdoc
    json (1.8.6)
    jwt (0.1.8)
      multi_json (>= 1.5)
    multi_json (1.8.1)
    multi_xml (0.5.5)
    multipart-post (1.2.0)
    nokogiri (1.5.10)
    oauth2 (0.9.2)
      faraday (~> 0.8)
      httpauth (~> 0.2)
      jwt (~> 0.1.4)
      multi_json (~> 1.0)
      multi_xml (~> 0.5)
      rack (~> 1.2)
    parser (2.4.0.0)
      ast (~> 2.2)
    powerpack (0.1.1)
    rack (1.5.2)
    rainbow (2.2.2)
      rake
    rake (10.1.0)
    rdoc (4.0.1)
      json (~> 1.4)
    rspec (3.0.0)
      rspec-core (~> 3.0.0)
      rspec-expectations (~> 3.0.0)
      rspec-mocks (~> 3.0.0)
    rspec-core (3.0.4)
      rspec-support (~> 3.0.0)
    rspec-expectations (3.0.4)
      diff-lcs (>= 1.2.0, < 2.0)
      rspec-support (~> 3.0.0)
    rspec-mocks (3.0.4)
      rspec-support (~> 3.0.0)
    rspec-support (3.0.4)
    rubocop (0.48.1)
      parser (>= 2.3.3.1, < 3.0)
      powerpack (~> 0.1)
      rainbow (>= 1.99.1, < 3.0)
      ruby-progressbar (~> 1.7)
      unicode-display_width (~> 1.0, >= 1.0.1)
    ruby-progressbar (1.8.1)
    thoughtbot-shoulda (2.11.1)
    unicode-display_width (1.2.1)

PLATFORMS
  ruby

DEPENDENCIES
  jeweler (~> 1.8)
  rake (~> 10.1)
  rdoc (~> 4.0)
  rspec (~> 3.0)
  rubocop (~> 0.48)
  thoughtbot-shoulda (~> 2.11, >= 2.11)
  wikipedia-client!

BUNDLED WITH
   1.15.1
